GEM
  remote: https://rubygems.org/
  specs:
    avro (1.8.2)
      multi_json
    multi_json (1.13.1)

PLATFORMS
  ruby

DEPENDENCIES
  avro

BUNDLED WITH
   1.16.1
